GEM
  remote: https://rubygems.org/
  specs:
    arr-pm (0.0.7)
      cabin (> 0)
    backports (2.3.0)
    bunchr (0.1.3)
      fpm (~> 0.4.6)
      ohai
      rake (>= 0.8.7)
      systemu
    cabin (0.4.4)
      json
    clamp (0.3.1)
    fpm (0.4.10)
      arr-pm (~> 0.0.7)
      backports (= 2.3.0)
      cabin (~> 0.4.3)
      clamp (= 0.3.1)
      json (= 1.6.6)
    ipaddress (0.8.0)
    json (1.6.6)
    mixlib-cli (1.2.2)
    mixlib-config (1.1.2)
    mixlib-log (1.4.1)
    ohai (6.14.0)
      ipaddress
      mixlib-cli
      mixlib-config
      mixlib-log
      systemu
      yajl-ruby
    rake (0.9.2.2)
    systemu (2.5.1)
    yajl-ruby (1.1.0)

PLATFORMS
  ruby

DEPENDENCIES
  bunchr
